GEM
  remote: https://rubygems.org/
  specs:
    colorize (0.8.1)
    json (2.5.1)
    pastel (0.8.0)
      tty-color (~> 0.5)
    strings (0.2.1)
      strings-ansi (~> 0.2)
      unicode-display_width (>= 1.5, < 3.0)
      unicode_utils (~> 1.4)
    strings-ansi (0.2.0)
    tty-box (0.7.0)
      pastel (~> 0.8)
      strings (~> 0.2.0)
      tty-cursor (~> 0.7)
    tty-color (0.6.0)
    tty-cursor (0.7.1)
    tty-prompt (0.23.1)
      pastel (~> 0.8)
      tty-reader (~> 0.8)
    tty-reader (0.9.0)
      tty-cursor (~> 0.7)
      tty-screen (~> 0.8)
      wisper (~> 2.0)
    tty-screen (0.8.1)
    unicode-display_width (2.0.0)
    unicode_utils (1.4.0)
    wisper (2.0.1)

PLATFORMS
  x64-mingw32

DEPENDENCIES
  colorize (~> 0.8.1)
  json (~> 2.5)
  tty-box (~> 0.7.0)
  tty-prompt (~> 0.23.1)
  tty-screen (~> 0.8.1)

BUNDLED WITH
   2.2.17
